GEM
  remote: https://rubygems.org/
  specs:
    artii (2.1.1)
    colorize (0.7.7)

PLATFORMS
  ruby

DEPENDENCIES
  artii
  colorize

BUNDLED WITH
   1.10.6
